NUGET
  remote: http://api.nuget.org/v3/index.json
    Diff.Match.Patch (1.1)
    FSharp.Object.Diff (0.10.0-beta2)
    Persimmon (1.2)

GROUP Build
NUGET
  remote: http://api.nuget.org/v3/index.json
    FAKE (4.39)
    FAKE.Lib (4.39)
    FAKE.Persimmon (1.0.4)
      FAKE.Lib (>= 4.1)
      Persimmon.Console (>= 1.0.2)
    Microsoft.Bcl (1.1.10) - framework: net10, net11, net20, net30, net35, net40, net40-full
      Microsoft.Bcl.Build (>= 1.0.14)
    Microsoft.Bcl.Build (1.0.21) - import_targets: false, framework: net10, net11, net20, net30, net35, net40, net40-full
    Microsoft.Net.Http (2.2.29) - framework: net10, net11, net20, net30, net35, net40, net40-full
      Microsoft.Bcl (>= 1.1.10)
      Microsoft.Bcl.Build (>= 1.0.14)
    NuGet.CommandLine (3.4.3)
    Octokit (0.22)
      Microsoft.Net.Http  - framework: net10, net11, net20, net30, net35, net40, net40-full
    Persimmon.Console (1.2)
    SourceLink.Fake (1.1)
GITHUB
  remote: fsharp/FAKE
    modules/Octokit/Octokit.fsx (e5870cb85f9b500246e02c6daa94e5131dad7a6e)
      Octokit (>= 0.20)